GEM
  remote: https://rubygems.org/
  specs:
    daemons (1.2.4)
    dotenv (2.1.1)
    eventmachine (1.2.2)
    mustermann (1.0.3)
    rack (2.0.8)
    rack-protection (2.0.5)
      rack
    sinatra (2.0.5)
      mustermann (~> 1.0)
      rack (~> 2.0)
      rack-protection (= 2.0.5)
      tilt (~> 2.0)
    thin (1.7.0)
      daemons (~> 1.0, >= 1.0.9)
      eventmachine (~> 1.0, >= 1.0.4)
      rack (>= 1, < 3)
    tilt (2.0.9)

PLATFORMS
  ruby

DEPENDENCIES
  dotenv
  sinatra
  thin

RUBY VERSION
   ruby 2.5.3p105

BUNDLED WITH
   1.17.3
